GEM
  remote: http://rubygems.org/
  specs:
    abstract (1.0.0)
    actionmailer (3.0.0)
      actionpack (= 3.0.0)
      mail (~> 2.2.5)
    actionpack (3.0.0)
      activemodel (= 3.0.0)
      activesupport (= 3.0.0)
      builder (~> 2.1.2)
      erubis (~> 2.6.6)
      i18n (~> 0.4.1)
      rack (~> 1.2.1)
      rack-mount (~> 0.6.12)
      rack-test (~> 0.5.4)
      tzinfo (~> 0.3.23)
    activemodel (3.0.0)
      activesupport (= 3.0.0)
      builder (~> 2.1.2)
      i18n (~> 0.4.1)
    activerecord (3.0.0)
      activemodel (= 3.0.0)
      activesupport (= 3.0.0)
      arel (~> 1.0.0)
      tzinfo (~> 0.3.23)
    activeresource (3.0.0)
      activemodel (= 3.0.0)
      activesupport (= 3.0.0)
    activesupport (3.0.0)
    arel (1.0.1)
      activesupport (~> 3.0.0)
    bcrypt-ruby (2.1.2)
    bson (1.1)
    bson_ext (1.1)
    builder (2.1.2)
    configuration (1.1.0)
    devise (1.1.3)
      bcrypt-ruby (~> 2.1.2)
      warden (~> 0.10.7)
    erubis (2.6.6)
      abstract (>= 1.0.0)
    haml (3.0.18)
    haml-rails (0.2)
      haml (~> 3.0)
      rails (~> 3.0.0.rc)
    heroku (1.10.6)
      json_pure (>= 1.2.0, < 1.5.0)
      launchy (~> 0.3.2)
      rest-client (~> 1.4.0)
    hpricot (0.8.2)
    i18n (0.4.1)
    jquery-rails (0.1.3)
      rails (~> 3.0.0)
    json_pure (1.4.6)
    launchy (0.3.7)
      configuration (>= 0.0.5)
      rake (>= 0.8.1)
    mail (2.2.7)
      activesupport (>= 2.3.6)
      mime-types
      treetop (>= 1.4.5)
    mime-types (1.16)
    mongo (1.0.9)
      bson (>= 1.0.5)
    mongoid (2.0.0.beta.19)
      activemodel (~> 3.0)
      mongo (= 1.0.9)
      tzinfo (~> 0.3.22)
      will_paginate (~> 3.0.pre)
    polyglot (0.3.1)
    rack (1.2.1)
    rack-mount (0.6.13)
      rack (>= 1.0.0)
    rack-test (0.5.6)
      rack (>= 1.0)
    rails (3.0.0)
      actionmailer (= 3.0.0)
      actionpack (= 3.0.0)
      activerecord (= 3.0.0)
      activeresource (= 3.0.0)
      activesupport (= 3.0.0)
      bundler (~> 1.0.0)
      railties (= 3.0.0)
    railties (3.0.0)
      actionpack (= 3.0.0)
      activesupport (= 3.0.0)
      rake (>= 0.8.4)
      thor (~> 0.14.0)
    rake (0.8.7)
    rest-client (1.4.2)
      mime-types (>= 1.16)
    ruby_parser (2.0.5)
      sexp_processor (~> 3.0)
    sexp_processor (3.0.5)
    thor (0.14.3)
    treetop (1.4.8)
      polyglot (>= 0.3.1)
    tzinfo (0.3.23)
    warden (0.10.7)
      rack (>= 1.0.0)
    will_paginate (3.0.pre2)

PLATFORMS
  ruby

DEPENDENCIES
  bson_ext (= 1.1)
  devise (= 1.1.3)
  haml (= 3.0.18)
  haml-rails (= 0.2)
  heroku (= 1.10.6)
  hpricot (= 0.8.2)
  jquery-rails (= 0.1.3)
  mongoid (= 2.0.0.beta.19)
  rails (= 3.0.0)
  ruby_parser (= 2.0.5)
